GEM
  specs:
    cliver (0.3.2)
    pdf-forms (1.0.0)
      cliver (~> 0.3.2)
      safe_shell (>= 1.0.3, < 2.0)
    safe_shell (1.0.3)

PLATFORMS
  ruby

DEPENDENCIES
  pdf-forms

BUNDLED WITH
   1.11.2
